GIT
  remote: https://github.com/rails/rails.git
  revision: 9fb4ce4a15d560f192ab67568deeaf0cb74f1d56
  specs:
    actioncable (6.1.0.alpha)
      actionpack (= 6.1.0.alpha)
      activesupport (= 6.1.0.alpha)
      nio4r (~> 2.0)
      websocket-driver (>= 0.6.1)
    actionmailbox (6.1.0.alpha)
      actionpack (= 6.1.0.alpha)
      activejob (= 6.1.0.alpha)
      activerecord (= 6.1.0.alpha)
      activestorage (= 6.1.0.alpha)
      activesupport (= 6.1.0.alpha)
      mail (>= 2.7.1)
    actionmailer (6.1.0.alpha)
      actionpack (= 6.1.0.alpha)
      actionview (= 6.1.0.alpha)
      activejob (= 6.1.0.alpha)
      activesupport (= 6.1.0.alpha)
      mail (~> 2.5, >= 2.5.4)
      rails-dom-testing (~> 2.0)
    actionpack (6.1.0.alpha)
      actionview (= 6.1.0.alpha)
      activesupport (= 6.1.0.alpha)
      rack (~> 2.0, >= 2.0.9)
      rack-test (>= 0.6.3)
      rails-dom-testing (~> 2.0)
      rails-html-sanitizer (~> 1.0, >= 1.2.0)
    actiontext (6.1.0.alpha)
      actionpack (= 6.1.0.alpha)
      activerecord (= 6.1.0.alpha)
      activestorage (= 6.1.0.alpha)
      activesupport (= 6.1.0.alpha)
      nokogiri (>= 1.8.5)
    actionview (6.1.0.alpha)
      activesupport (= 6.1.0.alpha)
      builder (~> 3.1)
      erubi (~> 1.4)
      rails-dom-testing (~> 2.0)
      rails-html-sanitizer (~> 1.1, >= 1.2.0)
    activejob (6.1.0.alpha)
      activesupport (= 6.1.0.alpha)
      globalid (>= 0.3.6)
    activemodel (6.1.0.alpha)
      activesupport (= 6.1.0.alpha)
    activerecord (6.1.0.alpha)
      activemodel (= 6.1.0.alpha)
      activesupport (= 6.1.0.alpha)
    activestorage (6.1.0.alpha)
      actionpack (= 6.1.0.alpha)
      activejob (= 6.1.0.alpha)
      activerecord (= 6.1.0.alpha)
      activesupport (= 6.1.0.alpha)
      marcel (~> 0.3.1)
      mimemagic (~> 0.3.2)
    activesupport (6.1.0.alpha)
      concurrent-ruby (~> 1.0, >= 1.0.2)
      i18n (>= 1.6, < 2)
      minitest (>= 5.1)
      tzinfo (~> 2.0)
      zeitwerk (~> 2.3)
    rails (6.1.0.alpha)
      actioncable (= 6.1.0.alpha)
      actionmailbox (= 6.1.0.alpha)
      actionmailer (= 6.1.0.alpha)
      actionpack (= 6.1.0.alpha)
      actiontext (= 6.1.0.alpha)
      actionview (= 6.1.0.alpha)
      activejob (= 6.1.0.alpha)
      activemodel (= 6.1.0.alpha)
      activerecord (= 6.1.0.alpha)
      activestorage (= 6.1.0.alpha)
      activesupport (= 6.1.0.alpha)
      bundler (>= 1.15.0)
      railties (= 6.1.0.alpha)
      sprockets-rails (>= 2.0.0)
    railties (6.1.0.alpha)
      actionpack (= 6.1.0.alpha)
      activesupport (= 6.1.0.alpha)
      method_source
      rake (>= 0.8.7)
      thor (~> 1.0)

GEM
  remote: http://mirror.ops.rhcloud.com/mirror/ruby/
  specs:
    aasm (5.0.8)
      concurrent-ruby (~> 1.0)
    addressable (2.7.0)
      public_suffix (>= 2.0.2, < 5.0)
    airbrake (10.0.6)
      airbrake-ruby (~> 4.13)
    airbrake-ruby (4.15.0)
      rbtree3 (~> 0.5)
    ansi (1.5.0)
    aws-eventstream (1.1.0)
    aws-partitions (1.387.0)
    aws-sdk-core (3.109.1)
      aws-eventstream (~> 1, >= 1.0.2)
      aws-partitions (~> 1, >= 1.239.0)
      aws-sigv4 (~> 1.1)
      jmespath (~> 1.0)
    aws-sdk-kms (1.39.0)
      aws-sdk-core (~> 3, >= 3.109.0)
      aws-sigv4 (~> 1.1)
    aws-sdk-s3 (1.83.1)
      aws-sdk-core (~> 3, >= 3.109.0)
      aws-sdk-kms (~> 1)
      aws-sigv4 (~> 1.1)
    aws-sigv4 (1.2.2)
      aws-eventstream (~> 1, >= 1.0.2)
    bcrypt (3.1.16)
    bindex (0.8.1)
    bootsnap (1.4.9)
      msgpack (~> 1.0)
    brakeman (4.10.0)
    browser (2.6.1)
    builder (3.2.4)
    byebug (11.1.3)
    capybara (3.33.0)
      addressable
      mini_mime (>= 0.1.3)
      nokogiri (~> 1.8)
      rack (>= 1.6.0)
      rack-test (>= 0.6.3)
      regexp_parser (~> 1.5)
      xpath (~> 3.2)
    childprocess (3.0.0)
    cliver (0.3.2)
    coderay (1.1.3)
    concurrent-ruby (1.1.7)
    connection_pool (2.2.3)
    crass (1.0.6)
    dotenv (2.7.6)
    dotenv-rails (2.7.6)
      dotenv (= 2.7.6)
      railties (>= 3.2)
    elasticsearch (7.9.0)
      elasticsearch-api (= 7.9.0)
      elasticsearch-transport (= 7.9.0)
    elasticsearch-api (7.9.0)
      multi_json
    elasticsearch-transport (7.9.0)
      faraday (~> 1)
      multi_json
    erubi (1.9.0)
    et-orbi (1.2.4)
      tzinfo
    ethon (0.12.0)
      ffi (>= 1.3.0)
    faker (2.14.0)
      i18n (>= 1.6, < 2)
    faraday (1.1.0)
      multipart-post (>= 1.2, < 3)
      ruby2_keywords
    ferrum (0.9)
      addressable (~> 2.5)
      cliver (~> 0.3)
      concurrent-ruby (~> 1.1)
      websocket-driver (>= 0.6, < 0.8)
    ffi (1.13.1)
    formatador (0.2.5)
    fugit (1.4.0)
      et-orbi (~> 1.1, >= 1.1.8)
      raabro (~> 1.4)
    globalid (0.4.2)
      activesupport (>= 4.2.0)
    guard (2.16.2)
      formatador (>= 0.2.4)
      listen (>= 2.7, < 4.0)
      lumberjack (>= 1.0.12, < 2.0)
      nenv (~> 0.1)
      notiffany (~> 0.0)
      pry (>= 0.9.12)
      shellany (~> 0.0)
      thor (>= 0.18.1)
    guard-compat (1.2.1)
    guard-minitest (2.4.6)
      guard-compat (~> 1.2)
      minitest (>= 3.0)
    hashie (4.1.0)
    httparty (0.18.1)
      mime-types (~> 3.0)
      multi_xml (>= 0.5.2)
    i18n (1.8.5)
      concurrent-ruby (~> 1.0)
    i18n-debug (1.2.0)
      i18n (< 2)
    image_processing (1.9.3)
      mini_magick (>= 4.9.5, < 5)
      ruby-vips (>= 2.0.13, < 3)
    jbuilder (2.10.1)
      activesupport (>= 5.0.0)
    jmespath (1.4.0)
    listen (3.2.1)
      rb-fsevent (~> 0.10, >= 0.10.3)
      rb-inotify (~> 0.9, >= 0.9.10)
    loofah (2.7.0)
      crass (~> 1.0.2)
      nokogiri (>= 1.5.9)
    lumberjack (1.2.8)
    mail (2.7.1)
      mini_mime (>= 0.1.1)
    marcel (0.3.3)
      mimemagic (~> 0.3.2)
    method_source (1.0.0)
    mime-types (3.3.1)
      mime-types-data (~> 3.2015)
    mime-types-data (3.2020.0512)
    mimemagic (0.3.5)
    mini_magick (4.10.1)
    mini_mime (1.0.2)
    mini_portile2 (2.4.0)
    minitest (5.14.2)
    msgpack (1.3.3)
    multi_json (1.15.0)
    multi_xml (0.6.0)
    multipart-post (2.1.1)
    nenv (0.3.0)
    nio4r (2.5.4)
    nokogiri (1.10.10)
      mini_portile2 (~> 2.4.0)
    notiffany (0.1.3)
      nenv (~> 0.1)
      shellany (~> 0.0)
    oj (3.10.15)
    paper_trail (10.3.1)
      activerecord (>= 4.2)
      request_store (~> 1.1)
    pg (1.1.4)
    pry (0.13.1)
      coderay (~> 1.1)
      method_source (~> 1.0)
    public_suffix (4.0.6)
    puma (4.3.6)
      nio4r (~> 2.0)
    pundit (2.0.1)
      activesupport (>= 3.0.0)
    raabro (1.4.0)
    rack (2.2.3)
    rack-protection (2.1.0)
      rack
    rack-proxy (0.6.5)
      rack
    rack-test (1.1.0)
      rack (>= 1.0, < 3)
    rails-dom-testing (2.0.3)
      activesupport (>= 4.2.0)
      nokogiri (>= 1.6)
    rails-html-sanitizer (1.3.0)
      loofah (~> 2.3)
    rails-i18n (6.0.0)
      i18n (>= 0.7, < 2)
      railties (>= 6.0.0, < 7)
    rake (13.0.1)
    rb-fsevent (0.10.4)
    rb-inotify (0.10.1)
      ffi (~> 1.0)
    rbtree3 (0.6.0)
    redis (4.2.2)
    redis-namespace (1.8.0)
      redis (>= 3.0.4)
    regexp_parser (1.8.2)
    request_store (1.5.0)
      rack (>= 1.4)
    ruby-prof (0.18.0)
    ruby-vips (2.0.17)
      ffi (~> 1.9)
    ruby2_keywords (0.0.2)
    rubyzip (2.3.0)
    searchkick (4.1.1)
      activemodel (>= 5)
      elasticsearch (>= 6)
      hashie
    selenium-webdriver (3.142.7)
      childprocess (>= 0.5, < 4.0)
      rubyzip (>= 1.2.2)
    shellany (0.0.1)
    sidekiq (6.0.7)
      connection_pool (>= 2.2.2)
      rack (~> 2.0)
      rack-protection (>= 2.0.0)
      redis (>= 4.1.0)
    sidekiq-cron (1.1.0)
      fugit (~> 1.1)
      sidekiq (>= 4.2.1)
    spring (2.1.1)
    spring-watcher-listen (2.0.1)
      listen (>= 2.7, < 4.0)
      spring (>= 1.2, < 3.0)
    sprockets (4.0.2)
      concurrent-ruby (~> 1.0)
      rack (> 1, < 3)
    sprockets-rails (3.2.2)
      actionpack (>= 4.0)
      activesupport (>= 4.0)
      sprockets (>= 3.0.0)
    thor (1.0.1)
    turbolinks (5.2.1)
      turbolinks-source (~> 5.2)
    turbolinks-source (5.2.0)
    typhoeus (1.3.1)
      ethon (>= 0.9.0)
    tzinfo (2.0.2)
      concurrent-ruby (~> 1.0)
    web-console (3.7.0)
      actionview (>= 5.0)
      activemodel (>= 5.0)
      bindex (>= 0.4.0)
      railties (>= 5.0)
    webdrivers (4.4.1)
      nokogiri (~> 1.6)
      rubyzip (>= 1.3.0)
      selenium-webdriver (>= 3.0, < 4.0)
    webpacker (4.2.2)
      activesupport (>= 4.2)
      rack-proxy (>= 0.6.1)
      railties (>= 4.2)
    websocket-driver (0.7.3)
      websocket-extensions (>= 0.1.0)
    websocket-extensions (0.1.5)
    wicked (1.3.4)
      railties (>= 3.0.7)
    xpath (3.2.0)
      nokogiri (~> 1.8)
    zeitwerk (2.4.0)

PLATFORMS
  ruby

DEPENDENCIES
  aasm (~> 5.0.8)
  airbrake (~> 10.0.1)
  ansi (~> 1.5.0)
  aws-sdk-s3
  bcrypt (~> 3.1.13)
  bootsnap (~> 1.4.5)
  brakeman (~> 4.7)
  browser (~> 2.6.1)
  byebug (~> 11.1)
  capybara (~> 3.31)
  dotenv-rails (~> 2.7)
  faker (~> 2.6)
  ferrum (~> 0.9.0)
  guard (~> 2.16)
  guard-minitest (~> 2.0)
  httparty (~> 0.18.1)
  i18n-debug (~> 1.2)
  image_processing (~> 1.9.2)
  jbuilder (~> 2.10.0)
  listen (~> 3.1)
  oj (~> 3.10.2)
  paper_trail (~> 10.3.1)
  pg (~> 1.1.0)
  puma (~> 4.3.5)
  pundit (~> 2.0.1)
  rails!
  rails-i18n (~> 6.0.0)
  redis (~> 4.2.2)
  redis-namespace (~> 1.8.0)
  ruby-prof (~> 0.17)
  searchkick (~> 4.1.1)
  selenium-webdriver (~> 3.26)
  sidekiq (~> 6.0.5)
  sidekiq-cron (~> 1.1.0)
  spring (~> 2.1)
  spring-watcher-listen (~> 2.0)
  turbolinks (~> 5.2.0)
  typhoeus (~> 1.3.1)
  tzinfo (~> 2.0.2)
  web-console (~> 3.3)
  webdrivers (~> 4.1)
  webpacker (~> 4.2.2)
  wicked (~> 1.3.4)

RUBY VERSION
   ruby 2.6.3p62

BUNDLED WITH
   2.1.4
